GIT
  remote: git://github.com/mperham/dalli.git
  revision: f15527734aed189209b57d20b848d94282561de9
  specs:
    dalli (2.1.0)

GIT
  remote: https://github.com/zquestz/omniauth-google-oauth2.git
  revision: 38560f7d95b9f510a9eae2797a75c16c9041b9fd
  specs:
    omniauth-google-oauth2 (0.1.9)
      omniauth (~> 1.0)
      omniauth-oauth2

GEM
  remote: http://rubygems.org/
  specs:
    addressable (2.2.8)
    autoparse (0.2.3)
      addressable (~> 2.2.2)
      extlib (>= 0.9.15)
      json (>= 1.4.6)
    bson (1.6.2)
    extlib (0.9.15)
    faraday (0.8.0)
      multipart-post (~> 1.1)
    google-api-client (0.3.0)
      addressable (~> 2.2.2)
      autoparse (~> 0.2.0)
      extlib (>= 0.9.15)
      httpadapter (~> 1.0.1)
      json (>= 1.4.6)
      launchy (>= 2.0.0)
      signet (~> 0.2.2)
    hashie (1.2.0)
    httpadapter (1.0.1)
      addressable (~> 2.2.0)
    httpauth (0.1)
    json (1.7.3)
    jwt (0.1.4)
      json (>= 1.2.4)
    kgio (2.7.4)
    launchy (2.1.0)
      addressable (~> 2.2.6)
    memcache-client (1.8.5)
    mongo (1.6.2)
      bson (~> 1.6.2)
    multi_json (1.3.5)
    multipart-post (1.1.5)
    oauth2 (0.6.1)
      faraday (~> 0.7)
      httpauth (~> 0.1)
      multi_json (~> 1.3)
    omniauth (1.1.0)
      hashie (~> 1.2)
      rack
    omniauth-oauth2 (1.0.2)
      oauth2 (~> 0.6.0)
      omniauth (~> 1.0)
    omniauth-openid (1.0.1)
      omniauth (~> 1.0)
      rack-openid (~> 1.3.1)
    rack (1.4.1)
    rack-cache (1.2)
      rack (>= 0.4)
    rack-openid (1.3.1)
      rack (>= 1.1.0)
      ruby-openid (>= 2.1.8)
    rack-protection (1.2.0)
      rack
    raindrops (0.8.0)
    ruby-openid (2.1.8)
    signet (0.2.4)
      addressable (~> 2.2.1)
      httpadapter (~> 1.0.0)
      json (>= 1.4.6)
      jwt (>= 0.1.4)
    sinatra (1.3.2)
      rack (~> 1.3, >= 1.3.6)
      rack-protection (~> 1.2)
      tilt (~> 1.3, >= 1.3.3)
    sinatra-google-auth (0.0.5)
      omniauth-openid
    tilt (1.3.3)
    unicorn (4.3.1)
      kgio (~> 2.6)
      rack
      raindrops (~> 0.7)

PLATFORMS
  ruby

DEPENDENCIES
  dalli!
  google-api-client
  memcache-client
  mongo
  omniauth (= 1.1.0)
  omniauth-google-oauth2!
  rack-cache
  sinatra
  sinatra-google-auth
  unicorn
